GEM
  remote: https://rubygems.org/
  specs:
    RocketAMF (0.2.1)
    RubyInline (3.12.5)
      ZenTest (~> 4.3)
    ZenTest (4.12.0)
    daemons (1.3.1)
    dalli (2.0.5)
    diff-lcs (1.1.3)
    eventmachine (1.2.7)
    gmp (0.7.43)
    mysql2 (0.5.3)
    oauth (0.5.5)
    rspec (2.11.0)
      rspec-core (~> 2.11.0)
      rspec-expectations (~> 2.11.0)
      rspec-mocks (~> 2.11.0)
    rspec-core (2.11.1)
    rspec-expectations (2.11.3)
      diff-lcs (~> 1.1.3)
    rspec-mocks (2.11.3)
    sequel (4.49.0)
    sqlite3 (1.3.13)

PLATFORMS
  ruby

DEPENDENCIES
  RocketAMF (~> 0.2.1)
  RubyInline (~> 3.12.4)
  daemons
  dalli (~> 2.0.2)
  eventmachine
  gmp
  mysql2 (~> 0.5.2)
  oauth (~> 0.5.5)
  rspec (~> 2.11.0)
  sequel (~> 4.0)
  sqlite3 (~> 1.3.11)

BUNDLED WITH
   1.17.3
